GEM
  remote: https://rubygems.org/
  specs:
    addressable (2.8.0)
      public_suffix (>= 2.0.2, < 5.0)
    chef-utils (17.0.242)
      concurrent-ruby
    concurrent-ruby (1.1.8)
    ethon (0.14.0)
      ffi (>= 1.15.0)
    ffi (1.15.3)
    html-proofer (3.19.2)
      addressable (~> 2.3)
      mercenary (~> 0.3)
      nokogumbo (~> 2.0)
      parallel (~> 1.3)
      rainbow (~> 3.0)
      typhoeus (~> 1.3)
      yell (~> 2.0)
    kramdown (2.3.1)
      rexml
    kramdown-parser-gfm (1.1.0)
      kramdown (~> 2.0)
    mdl (0.11.0)
      kramdown (~> 2.3)
      kramdown-parser-gfm (~> 1.1)
      mixlib-cli (~> 2.1, >= 2.1.1)
      mixlib-config (>= 2.2.1, < 4)
      mixlib-shellout
    mercenary (0.4.0)
    mini_portile2 (2.6.1)
    mixlib-cli (2.1.8)
    mixlib-config (3.0.9)
      tomlrb
    mixlib-shellout (3.2.5)
      chef-utils
    nokogiri (1.12.5)
      mini_portile2 (~> 2.6.1)
      racc (~> 1.4)
    nokogumbo (2.0.5)
      nokogiri (~> 1.8, >= 1.8.4)
    parallel (1.20.1)
    public_suffix (4.0.6)
    racc (1.5.2)
    rainbow (3.0.0)
    rexml (3.2.5)
    tomlrb (2.0.1)
    typhoeus (1.4.0)
      ethon (>= 0.9.0)
    yell (2.2.2)

PLATFORMS
  ruby

DEPENDENCIES
  html-proofer
  mdl

BUNDLED WITH
   2.1.4
