GEM
  remote: https://rubygems.org/
  specs:
    addressable (2.8.1)
      public_suffix (>= 2.0.2, < 6.0)
    async (2.1.0)
      console (~> 1.10)
      io-event (~> 1.0.0)
      timers (~> 4.1)
    chef-utils (17.0.242)
      concurrent-ruby
    concurrent-ruby (1.1.8)
    console (1.15.3)
      fiber-local
    ethon (0.15.0)
      ffi (>= 1.15.0)
    ffi (1.15.5)
    fiber-local (1.0.0)
    html-proofer (5.0.0)
      addressable (~> 2.3)
      async (~> 2.1)
      nokogiri (~> 1.13)
      rainbow (~> 3.0)
      typhoeus (~> 1.3)
      yell (~> 2.0)
      zeitwerk (~> 2.5)
    io-event (1.0.9)
    kramdown (2.3.1)
      rexml
    kramdown-parser-gfm (1.1.0)
      kramdown (~> 2.0)
    mdl (0.11.0)
      kramdown (~> 2.3)
      kramdown-parser-gfm (~> 1.1)
      mixlib-cli (~> 2.1, >= 2.1.1)
      mixlib-config (>= 2.2.1, < 4)
      mixlib-shellout
    mini_portile2 (2.8.0)
    mixlib-cli (2.1.8)
    mixlib-config (3.0.9)
      tomlrb
    mixlib-shellout (3.2.5)
      chef-utils
    nokogiri (1.13.8)
      mini_portile2 (~> 2.8.0)
      racc (~> 1.4)
    public_suffix (5.0.0)
    racc (1.6.0)
    rainbow (3.1.1)
    rexml (3.2.5)
    timers (4.3.4)
    tomlrb (2.0.1)
    typhoeus (1.4.0)
      ethon (>= 0.9.0)
    yell (2.2.2)
    zeitwerk (2.6.1)

PLATFORMS
  ruby

DEPENDENCIES
  html-proofer
  mdl

BUNDLED WITH
   2.1.4
